GEM
  remote: https://rubygems.org/
  specs:
    nio4r (2.7.4)
    puma (6.6.0)
      nio4r (~> 2.0)
    rack (3.1.15)
    rackup (2.2.1)
      rack (>= 3)
    rake (13.2.1)

PLATFORMS
  arm64-darwin-24
  ruby
  x86_64-linux

DEPENDENCIES
  puma (~> 6.6)
  rack (~> 3.1)
  rackup (~> 2.2)
  rake (~> 13.0)

BUNDLED WITH
   2.6.8
